GEM
  remote: https://rubygems.org/
  specs:
    fileutils (1.6.0)
    json (2.6.2)
    net-http (0.3.0)
      uri
    nokogiri (1.13.9-aarch64-linux)
      racc (~> 1.4)
    optparse (0.2.0)
    racc (1.6.0)
    securerandom (0.2.0)
    uri (0.11.0)

PLATFORMS
  aarch64-linux

DEPENDENCIES
  fileutils
  json
  net-http
  nokogiri
  optparse
  securerandom
  uri

BUNDLED WITH
   2.3.7
